GIT
  remote: git://github.com/stesie/huginn_agent.git
  revision: a1453daf765178a83de75119ce3115397bb620e4
  branch: coverage-support
  specs:
    huginn_agent (0.4.3)
      thor

PATH
  remote: .
  specs:
    huginn_todoist_agent (0.5.0)
      huginn_agent (~> 0)
      todoist-ruby

GEM
  remote: https://rubygems.org/
  specs:
    concurrent-ruby (1.0.5)
    diff-lcs (1.3)
    mimemagic (0.3.2)
    multipart-post (2.0.0)
    rake (10.5.0)
    rspec (3.7.0)
      rspec-core (~> 3.7.0)
      rspec-expectations (~> 3.7.0)
      rspec-mocks (~> 3.7.0)
    rspec-core (3.7.1)
      rspec-support (~> 3.7.0)
    rspec-expectations (3.7.0)
      diff-lcs (>= 1.2.0, < 2.0)
      rspec-support (~> 3.7.0)
    rspec-mocks (3.7.0)
      diff-lcs (>= 1.2.0, < 2.0)
      rspec-support (~> 3.7.0)
    rspec-support (3.7.1)
    thor (0.20.0)
    todoist-ruby (0.2.1)
      concurrent-ruby (~> 1.0)
      mimemagic (~> 0.3)
      multipart-post (~> 2.0)

PLATFORMS
  ruby

DEPENDENCIES
  bundler (~> 1.7)
  huginn_agent (~> 0.4.3)!
  huginn_todoist_agent!
  rake (~> 10.0)
  rspec

BUNDLED WITH
   1.16.1
